GEM
  remote: https://rubygems.org/
  specs:
    hashie (2.1.1)
    liquidscript (0.10.1)
      hashie (~> 2.0)
      thor
    oj (2.7.3)
    posix-spawn (0.3.8)
    pygments.rb (0.5.4)
      posix-spawn (~> 0.3.6)
      yajl-ruby (~> 1.1.0)
    rack (1.5.2)
    rack-protection (1.5.3)
      rack
    sinatra (1.4.5)
      rack (~> 1.4)
      rack-protection (~> 1.4)
      tilt (~> 1.3, >= 1.3.4)
    thor (0.19.1)
    tilt (1.4.1)
    yajl-ruby (1.1.0)

PLATFORMS
  ruby

DEPENDENCIES
  liquidscript
  oj
  pygments.rb
  sinatra
